GEM
  remote: https://rubygems.org/
  specs:
    coderay (1.1.3)
    json (2.5.1)
    method_source (1.0.0)
    pry (0.14.0)
      coderay (~> 1.1)
      method_source (~> 1.0)
    rack (2.2.3)

PLATFORMS
  ruby

DEPENDENCIES
  json
  pry
  rack

RUBY VERSION
   ruby 2.7.1p83

BUNDLED WITH
   2.1.4
