GEM
  remote: https://rubygems.org/
  specs:
    benchmark (0.1.1)
    coderay (1.1.3)
    method_source (1.0.0)
    nio4r (2.5.5)
    pry (0.14.0)
      coderay (~> 1.1)
      method_source (~> 1.0)
    puma (5.2.1)
      nio4r (~> 2.0)
    rack (2.2.3)

PLATFORMS
  ruby

DEPENDENCIES
  benchmark
  pry
  puma
  rack

RUBY VERSION
   ruby 2.7.1p83

BUNDLED WITH
   2.1.4
